GEM
  remote: http://rubygems.org/
  specs:
    diff-lcs (1.1.3)
    eventmachine (0.12.10)
    eventmachine_httpserver (0.2.1)
    rake (0.9.2.2)
    rspec (2.11.0)
      rspec-core (~> 2.11.0)
      rspec-expectations (~> 2.11.0)
      rspec-mocks (~> 2.11.0)
    rspec-core (2.11.1)
    rspec-expectations (2.11.2)
      diff-lcs (~> 1.1.3)
    rspec-mocks (2.11.2)
    trollop (1.16.2)

PLATFORMS
  ruby

DEPENDENCIES
  eventmachine (~> 0.12.10)
  eventmachine_httpserver (~> 0.2.1)
  rake
  rspec
  trollop (~> 1.16.2)
